GIT
  remote: https://github.com/rails/rails.git
  revision: 793ff00442723b2ff9ed7b7fb39cae2f5608cc2b
  branch: main
  specs:
    actioncable (7.2.0.alpha)
      actionpack (= 7.2.0.alpha)
      activesupport (= 7.2.0.alpha)
      nio4r (~> 2.0)
      websocket-driver (>= 0.6.1)
      zeitwerk (~> 2.6)
    actionmailbox (7.2.0.alpha)
      actionpack (= 7.2.0.alpha)
      activejob (= 7.2.0.alpha)
      activerecord (= 7.2.0.alpha)
      activestorage (= 7.2.0.alpha)
      activesupport (= 7.2.0.alpha)
      mail (>= 2.8.0)
    actionmailer (7.2.0.alpha)
      actionpack (= 7.2.0.alpha)
      actionview (= 7.2.0.alpha)
      activejob (= 7.2.0.alpha)
      activesupport (= 7.2.0.alpha)
      mail (>= 2.8.0)
      rails-dom-testing (~> 2.2)
    actionpack (7.2.0.alpha)
      actionview (= 7.2.0.alpha)
      activesupport (= 7.2.0.alpha)
      nokogiri (>= 1.8.5)
      racc
      rack (>= 2.2.4)
      rack-session (>= 1.0.1)
      rack-test (>= 0.6.3)
      rails-dom-testing (~> 2.2)
      rails-html-sanitizer (~> 1.6)
      useragent (~> 0.16)
    actiontext (7.2.0.alpha)
      actionpack (= 7.2.0.alpha)
      activerecord (= 7.2.0.alpha)
      activestorage (= 7.2.0.alpha)
      activesupport (= 7.2.0.alpha)
      globalid (>= 0.6.0)
      nokogiri (>= 1.8.5)
    actionview (7.2.0.alpha)
      activesupport (= 7.2.0.alpha)
      builder (~> 3.1)
      erubi (~> 1.11)
      rails-dom-testing (~> 2.2)
      rails-html-sanitizer (~> 1.6)
    activejob (7.2.0.alpha)
      activesupport (= 7.2.0.alpha)
      globalid (>= 0.3.6)
    activemodel (7.2.0.alpha)
      activesupport (= 7.2.0.alpha)
    activerecord (7.2.0.alpha)
      activemodel (= 7.2.0.alpha)
      activesupport (= 7.2.0.alpha)
      timeout (>= 0.4.0)
    activestorage (7.2.0.alpha)
      actionpack (= 7.2.0.alpha)
      activejob (= 7.2.0.alpha)
      activerecord (= 7.2.0.alpha)
      activesupport (= 7.2.0.alpha)
      marcel (~> 1.0)
    activesupport (7.2.0.alpha)
      base64
      bigdecimal
      concurrent-ruby (~> 1.0, >= 1.0.2)
      connection_pool (>= 2.2.5)
      drb
      i18n (>= 1.6, < 2)
      minitest (>= 5.1, < 5.22.0)
      tzinfo (~> 2.0, >= 2.0.5)
    rails (7.2.0.alpha)
      actioncable (= 7.2.0.alpha)
      actionmailbox (= 7.2.0.alpha)
      actionmailer (= 7.2.0.alpha)
      actionpack (= 7.2.0.alpha)
      actiontext (= 7.2.0.alpha)
      actionview (= 7.2.0.alpha)
      activejob (= 7.2.0.alpha)
      activemodel (= 7.2.0.alpha)
      activerecord (= 7.2.0.alpha)
      activestorage (= 7.2.0.alpha)
      activesupport (= 7.2.0.alpha)
      bundler (>= 1.15.0)
      railties (= 7.2.0.alpha)
    railties (7.2.0.alpha)
      actionpack (= 7.2.0.alpha)
      activesupport (= 7.2.0.alpha)
      irb (~> 1.13)
      rackup (>= 1.0.0)
      rake (>= 12.2)
      thor (~> 1.0, >= 1.2.2)
      zeitwerk (~> 2.6)

GEM
  remote: https://rubygems.org/
  specs:
    actionpack-page_caching (1.2.4)
      actionpack (>= 4.0.0)
    addressable (2.8.6)
      public_suffix (>= 2.0.2, < 6.0)
    aws-eventstream (1.3.0)
    aws-partitions (1.923.0)
    aws-sdk-core (3.194.0)
      aws-eventstream (~> 1, >= 1.3.0)
      aws-partitions (~> 1, >= 1.651.0)
      aws-sigv4 (~> 1.8)
      jmespath (~> 1, >= 1.6.1)
    aws-sdk-kms (1.80.0)
      aws-sdk-core (~> 3, >= 3.193.0)
      aws-sigv4 (~> 1.1)
    aws-sdk-s3 (1.149.0)
      aws-sdk-core (~> 3, >= 3.194.0)
      aws-sdk-kms (~> 1)
      aws-sigv4 (~> 1.8)
    aws-sigv4 (1.8.0)
      aws-eventstream (~> 1, >= 1.0.2)
    base64 (0.2.0)
    bigdecimal (3.1.7)
    bindex (0.8.1)
    bootsnap (1.18.3)
      msgpack (~> 1.2)
    builder (3.2.4)
    capybara (3.40.0)
      addressable
      matrix
      mini_mime (>= 0.1.3)
      nokogiri (~> 1.11)
      rack (>= 1.6.0)
      rack-test (>= 0.6.3)
      regexp_parser (>= 1.5, < 3.0)
      xpath (~> 3.2)
    childprocess (5.0.0)
    concurrent-ruby (1.2.3)
    connection_pool (2.4.1)
    crass (1.0.6)
    css_parser (1.17.1)
      addressable
    csv (3.3.0)
    dalli (3.2.8)
    date (3.3.4)
    debug (1.9.2)
      irb (~> 1.10)
      reline (>= 0.3.8)
    discard (1.3.0)
      activerecord (>= 4.2, < 8)
    drb (2.2.1)
    erubi (1.12.0)
    fastimage (2.3.1)
    ffi (1.16.3)
    globalid (1.2.1)
      activesupport (>= 6.1)
    htmlentities (4.3.4)
    httparty (0.22.0)
      csv
      mini_mime (>= 1.0.0)
      multi_xml (>= 0.5.2)
    i18n (1.14.4)
      concurrent-ruby (~> 1.0)
    image_processing (1.12.2)
      mini_magick (>= 4.9.5, < 5)
      ruby-vips (>= 2.0.17, < 3)
    importmap-rails (2.0.1)
      actionpack (>= 6.0.0)
      activesupport (>= 6.0.0)
      railties (>= 6.0.0)
    inline_svg (1.9.0)
      activesupport (>= 3.0)
      nokogiri (>= 1.6)
    io-console (0.7.2)
    irb (1.13.0)
      rdoc (>= 4.0.0)
      reline (>= 0.4.2)
    jbuilder (2.12.0)
      actionview (>= 5.0.0)
      activesupport (>= 5.0.0)
    jmespath (1.6.2)
    json (2.7.2)
    launchy (3.0.1)
      addressable (~> 2.8)
      childprocess (~> 5.0)
    letter_opener (1.10.0)
      launchy (>= 2.2, < 4)
    loofah (2.22.0)
      crass (~> 1.0.2)
      nokogiri (>= 1.12.0)
    mail (2.8.1)
      mini_mime (>= 0.1.1)
      net-imap
      net-pop
      net-smtp
    marcel (1.0.4)
    matrix (0.4.2)
    mini_magick (4.12.0)
    mini_mime (1.1.5)
    minitest (5.21.2)
    mocha (2.2.0)
      ruby2_keywords (>= 0.0.5)
    msgpack (1.7.2)
    multi_xml (0.7.1)
      bigdecimal (~> 3.1)
    nanoid (2.0.0)
    net-imap (0.4.10)
      date
      net-protocol
    net-pop (0.1.2)
      net-protocol
    net-protocol (0.2.2)
      timeout
    net-smtp (0.5.0)
      net-protocol
    nio4r (2.7.1)
    nokogiri (1.16.4-aarch64-linux)
      racc (~> 1.4)
    nokogiri (1.16.4-arm-linux)
      racc (~> 1.4)
    nokogiri (1.16.4-arm64-darwin)
      racc (~> 1.4)
    nokogiri (1.16.4-x86-linux)
      racc (~> 1.4)
    nokogiri (1.16.4-x86_64-darwin)
      racc (~> 1.4)
    nokogiri (1.16.4-x86_64-linux)
      racc (~> 1.4)
    pagy (7.0.11)
    pg (1.5.6)
    postmark (1.25.0)
      json
    postmark-rails (0.22.1)
      actionmailer (>= 3.0.0)
      postmark (>= 1.21.3, < 2.0)
    premailer (1.23.0)
      addressable
      css_parser (>= 1.12.0)
      htmlentities (>= 4.0.0)
    premailer-rails (1.12.0)
      actionmailer (>= 3)
      net-smtp
      premailer (~> 1.7, >= 1.7.9)
    psych (5.1.2)
      stringio
    public_suffix (5.0.5)
    puma (6.4.2)
      nio4r (~> 2.0)
    racc (1.7.3)
    rack (3.0.10)
    rack-session (2.0.0)
      rack (>= 3.0.0)
    rack-test (2.1.0)
      rack (>= 1.3)
    rackup (2.1.0)
      rack (>= 3)
      webrick (~> 1.8)
    rails-controller-testing (1.0.5)
      actionpack (>= 5.0.1.rc1)
      actionview (>= 5.0.1.rc1)
      activesupport (>= 5.0.1.rc1)
    rails-dom-testing (2.2.0)
      activesupport (>= 5.0.0)
      minitest
      nokogiri (>= 1.6)
    rails-html-sanitizer (1.6.0)
      loofah (~> 2.21)
      nokogiri (~> 1.14)
    rails_autolink (1.1.8)
      actionview (> 3.1)
      activesupport (> 3.1)
      railties (> 3.1)
    rake (13.2.1)
    rdoc (6.6.3.1)
      psych (>= 4.0.0)
    redis (5.2.0)
      redis-client (>= 0.22.0)
    redis-client (0.22.1)
      connection_pool
    regexp_parser (2.9.0)
    reline (0.5.5)
      io-console (~> 0.5)
    rexml (3.2.6)
    ruby-vips (2.2.1)
      ffi (~> 1.12)
    ruby2_keywords (0.0.5)
    rubyzip (2.3.2)
    selenium-webdriver (4.20.1)
      base64 (~> 0.2)
      rexml (~> 3.2, >= 3.2.5)
      rubyzip (>= 1.2.2, < 3.0)
      websocket (~> 1.0)
    sentry-rails (5.17.3)
      railties (>= 5.0)
      sentry-ruby (~> 5.17.3)
    sentry-ruby (5.17.3)
      bigdecimal
      concurrent-ruby (~> 1.0, >= 1.0.2)
    sidekiq (7.2.4)
      concurrent-ruby (< 2)
      connection_pool (>= 2.3.0)
      rack (>= 2.2.4)
      redis-client (>= 0.19.0)
    sprockets (4.2.1)
      concurrent-ruby (~> 1.0)
      rack (>= 2.2.4, < 4)
    sprockets-rails (3.4.2)
      actionpack (>= 5.2)
      activesupport (>= 5.2)
      sprockets (>= 3.0.0)
    sqlite3 (1.7.3-aarch64-linux)
    sqlite3 (1.7.3-arm-linux)
    sqlite3 (1.7.3-arm64-darwin)
    sqlite3 (1.7.3-x86-linux)
    sqlite3 (1.7.3-x86_64-darwin)
    sqlite3 (1.7.3-x86_64-linux)
    stimulus-rails (1.3.3)
      railties (>= 6.0.0)
    stringio (3.1.0)
    stripe (11.3.0)
    tailwindcss-rails (2.5.0)
      railties (>= 6.0.0)
    tailwindcss-rails (2.5.0-aarch64-linux)
      railties (>= 6.0.0)
    tailwindcss-rails (2.5.0-arm-linux)
      railties (>= 6.0.0)
    tailwindcss-rails (2.5.0-arm64-darwin)
      railties (>= 6.0.0)
    tailwindcss-rails (2.5.0-x86_64-darwin)
      railties (>= 6.0.0)
    tailwindcss-rails (2.5.0-x86_64-linux)
      railties (>= 6.0.0)
    thor (1.3.1)
    timeout (0.4.1)
    turbo-rails (2.0.5)
      actionpack (>= 6.0.0)
      activejob (>= 6.0.0)
      railties (>= 6.0.0)
    tzinfo (2.0.6)
      concurrent-ruby (~> 1.0)
    useragent (0.16.10)
    web-console (4.2.1)
      actionview (>= 6.0.0)
      activemodel (>= 6.0.0)
      bindex (>= 0.4.0)
      railties (>= 6.0.0)
    webrick (1.8.1)
    websocket (1.2.10)
    websocket-driver (0.7.6)
      websocket-extensions (>= 0.1.0)
    websocket-extensions (0.1.5)
    xpath (3.2.0)
      nokogiri (~> 1.8)
    zeitwerk (2.6.13)

PLATFORMS
  aarch64-linux
  arm-linux
  arm64-darwin
  x86-linux
  x86_64-darwin
  x86_64-linux

DEPENDENCIES
  actionpack-page_caching
  aws-sdk-s3 (~> 1.149)
  bootsnap
  capybara
  dalli
  debug
  discard (~> 1.2)
  fastimage
  htmlentities (~> 4.3)
  httparty
  image_processing (~> 1.2)
  importmap-rails
  inline_svg (~> 1.9)
  jbuilder
  letter_opener (~> 1.9)
  mocha
  nanoid (~> 2.0)
  pagy (~> 7.0)
  pg
  postmark-rails
  premailer-rails (~> 1.12)
  puma (>= 5.0)
  rails!
  rails-controller-testing
  rails_autolink
  redis (>= 4.0.1)
  selenium-webdriver
  sentry-rails
  sentry-ruby
  sidekiq
  sprockets-rails
  sqlite3 (~> 1.4)
  stimulus-rails
  stripe (~> 11.3)
  tailwindcss-rails
  turbo-rails
  tzinfo-data
  web-console

RUBY VERSION
   ruby 3.3.1p55

BUNDLED WITH
   2.5.9
